PATH
  remote: .
  specs:
    rapidjson (0.1.1)

GEM
  remote: https://rubygems.org/
  specs:
    benchmark-ips (2.10.0)
    json (2.6.1)
    minitest (5.15.0)
    oj (3.13.11)
    rake (13.0.6)
    rake-compiler (1.1.9)
      rake
    yajl-ruby (1.4.1)

PLATFORMS
  ruby
  x86_64-linux

DEPENDENCIES
  benchmark-ips
  json
  minitest (~> 5.0)
  oj
  rake (~> 13.0)
  rake-compiler
  rapidjson!
  yajl-ruby

BUNDLED WITH
   2.3.4
